GEM
  remote: http://rubygems.org/
  specs:
    SystemTimer (1.2.2)
    activemodel (3.0.4)
      activesupport (= 3.0.4)
      builder (~> 2.1.2)
      i18n (~> 0.4)
    activerecord (3.0.4)
      activemodel (= 3.0.4)
      activesupport (= 3.0.4)
      arel (~> 2.0.2)
      tzinfo (~> 0.3.23)
    activesupport (3.0.4)
    arel (2.0.8)
    builder (2.1.2)
    diff-lcs (1.1.2)
    eventful (1.0.0)
      methodphitamine
    i18n (0.5.0)
    json (1.4.6)
    methodphitamine (1.0.0)
    rack (1.2.1)
    redis (2.1.1)
    redis-namespace (0.10.0)
      redis (< 3.0.0)
    resque (1.13.0)
      json (~> 1.4.6)
      redis-namespace (>= 0.10.0)
      sinatra (>= 0.9.2)
      vegas (~> 0.1.2)
    rspec (2.5.0)
      rspec-core (~> 2.5.0)
      rspec-expectations (~> 2.5.0)
      rspec-mocks (~> 2.5.0)
    rspec-core (2.5.1)
    rspec-expectations (2.5.0)
      diff-lcs (~> 1.1.2)
    rspec-mocks (2.5.0)
    sinatra (1.1.2)
      rack (~> 1.1)
      tilt (~> 1.2)
    sqlite3-ruby (1.3.1)
    tilt (1.2.2)
    tzinfo (0.3.24)
    uuidtools (2.1.1)
    vegas (0.1.8)
      rack (>= 1.0.0)
    yajl-ruby (0.7.7)

PLATFORMS
  ruby

DEPENDENCIES
  SystemTimer
  activerecord (>= 3.0.0)
  activesupport (>= 3.0.0)
  eventful (= 1.0.0)
  resque
  rspec (>= 2.5.0)
  sqlite3-ruby (~> 1.3.1)
  uuidtools
  yajl-ruby
